PATH
  remote: .
  specs:
    blueprintsCLI (0.5.0)
      sublayer (~> 0.2.9)
      thor (~> 1.2)

GEM
  remote: https://rubygems.org/
  specs:
    aasm (5.5.1)
      concurrent-ruby (~> 1.0)
    activesupport (8.0.2)
      base64
      benchmark (>= 0.3)
      bigdecimal
      concurrent-ruby (~> 1.0, >= 1.3.1)
      connection_pool (>= 2.2.5)
      drb
      i18n (>= 1.6, < 2)
      logger (>= 1.4.2)
      minitest (>= 5.1)
      securerandom (>= 0.3)
      tzinfo (~> 2.0, >= 2.0.5)
      uri (>= 0.13.1)
    addressable (2.8.7)
      public_suffix (>= 2.0.2, < 7.0)
    algorithms (1.0.1)
    ast (2.4.3)
    backport (1.2.0)
    base64 (0.3.0)
    benchmark (0.4.1)
    bigdecimal (3.2.2)
    birch (0.1.1)
    bm25f (0.1.0)
      treat (~> 2.1)
    caliber (0.67.0)
      rubocop (~> 1.69)
      rubocop-capybara (~> 2.21)
      rubocop-disable_syntax (~> 0.1)
      rubocop-packaging (~> 0.5)
      rubocop-performance (~> 1.23)
      rubocop-rake (~> 0.6)
      rubocop-rspec (~> 3.2)
      rubocop-thread_safety (~> 0.6)
    circuit_breaker (1.1.2)
      aasm
    climate_control (1.2.0)
    clipboard (2.0.0)
    coderay (1.1.3)
    cogger (0.31.0)
      core (~> 1.10)
      logger (~> 1.6)
      refinements (~> 12.10)
      tone (~> 1.10)
      zeitwerk (~> 2.7)
    colorize (1.1.0)
    concurrent-ruby (1.3.5)
    connection_pool (2.5.3)
    containable (0.6.0)
      concurrent-ruby (~> 1.2)
    core (1.10.0)
    csv (3.3.5)
    date (3.4.1)
    diff-lcs (1.6.2)
    dotenv (3.1.8)
    drb (2.2.3)
    dry-configurable (1.3.0)
      dry-core (~> 1.1)
      zeitwerk (~> 2.6)
    dry-container (0.11.0)
      concurrent-ruby (~> 1.0)
    dry-core (1.1.0)
      concurrent-ruby (~> 1.0)
      logger
      zeitwerk (~> 2.6)
    dry-inflector (1.2.0)
    dry-initializer (3.2.0)
    dry-logic (1.6.0)
      bigdecimal
      concurrent-ruby (~> 1.0)
      dry-core (~> 1.1)
      zeitwerk (~> 2.6)
    dry-monads (1.9.0)
      concurrent-ruby (~> 1.0)
      dry-core (~> 1.1)
      zeitwerk (~> 2.6)
    dry-schema (1.14.1)
      concurrent-ruby (~> 1.0)
      dry-configurable (~> 1.0, >= 1.0.1)
      dry-core (~> 1.1)
      dry-initializer (~> 3.2)
      dry-logic (~> 1.5)
      dry-types (~> 1.8)
      zeitwerk (~> 2.6)
    dry-types (1.8.3)
      bigdecimal (~> 3.0)
      concurrent-ruby (~> 1.0)
      dry-core (~> 1.0)
      dry-inflector (~> 1.0)
      dry-logic (~> 1.4)
      zeitwerk (~> 2.6)
    erb (5.0.2)
    etcher (2.7.0)
      cogger (~> 0.31)
      core (~> 1.10)
      dry-monads (~> 1.6)
      dry-types (~> 1.7)
      refinements (~> 12.10)
      versionaire (~> 13.10)
      zeitwerk (~> 2.7)
    event_stream_parser (1.0.0)
    factory_bot (6.5.4)
      activesupport (>= 6.1.0)
    faraday (2.13.4)
      faraday-net_http (>= 2.0, < 3.5)
      json
      logger
    faraday-multipart (1.1.1)
      multipart-post (~> 2.0)
    faraday-net_http (3.4.1)
      net-http (>= 0.5.0)
    faraday-retry (2.3.2)
      faraday (~> 2.0)
    ffi (1.17.2-aarch64-linux-gnu)
    ffi (1.17.2-aarch64-linux-musl)
    ffi (1.17.2-arm64-darwin)
    ffi (1.17.2-x86_64-darwin)
    ffi (1.17.2-x86_64-linux-gnu)
    ffi (1.17.2-x86_64-linux-musl)
    front_matter_parser (1.0.1)
    git (3.1.1)
      activesupport (>= 5.0)
      addressable (~> 2.8)
      process_executer (~> 1.3)
      rchardet (~> 1.9)
    git-lint (8.8.0)
      cogger (~> 0.31)
      containable (~> 0.2)
      core (~> 1.10)
      dry-monads (~> 1.6)
      dry-schema (~> 1.13)
      etcher (~> 2.7)
      gitt (~> 3.12)
      infusible (~> 3.12)
      refinements (~> 12.10)
      runcom (~> 11.10)
      sod (~> 0.20)
      spek (~> 3.0)
      tone (~> 1.10)
      zeitwerk (~> 2.7)
    gitt (3.12.1)
      core (~> 1.10)
      dry-monads (~> 1.6)
      refinements (~> 12.10)
      zeitwerk (~> 2.7)
    hiredis (0.6.3)
    httparty (0.23.1)
      csv
      mini_mime (>= 1.0.0)
      multi_xml (>= 0.5.2)
    i18n (1.14.7)
      concurrent-ruby (~> 1.0)
    informers (1.2.1)
      onnxruntime (>= 0.9)
      tokenizers (>= 0.5.3)
    infusible (3.12.0)
      marameters (~> 3.12)
    jaro_winkler (1.6.1)
    json (2.13.2)
    kramdown (2.5.1)
      rexml (>= 3.3.9)
    kramdown-parser-gfm (1.1.0)
      kramdown (~> 2.0)
    language_server-protocol (3.17.0.5)
    linguistics (2.1.0)
      loggability (~> 0.11)
    lint_roller (1.1.0)
    listen (3.9.0)
      rb-fsevent (~> 0.10, >= 0.10.3)
      rb-inotify (~> 0.9, >= 0.9.10)
    loggability (0.18.2)
    logger (1.7.0)
    marameters (3.12.0)
      refinements (~> 12.10)
      zeitwerk (~> 2.7)
    marcel (1.0.4)
    method_source (1.1.0)
    mime-types (1.25.1)
    mini_mime (1.1.5)
    minitest (5.25.5)
    multi_xml (0.7.2)
      bigdecimal (~> 3.1)
    multipart-post (2.4.1)
    nest (3.2.0)
      redic
    net-http (0.6.0)
      uri
    nokogiri (1.18.9-aarch64-linux-gnu)
      racc (~> 1.4)
    nokogiri (1.18.9-aarch64-linux-musl)
      racc (~> 1.4)
    nokogiri (1.18.9-arm64-darwin)
      racc (~> 1.4)
    nokogiri (1.18.9-x86_64-darwin)
      racc (~> 1.4)
    nokogiri (1.18.9-x86_64-linux-gnu)
      racc (~> 1.4)
    nokogiri (1.18.9-x86_64-linux-musl)
      racc (~> 1.4)
    numpy (0.4.0)
      pycall (>= 1.2.0.beta1)
    observer (0.1.2)
    ohm (3.1.1)
      nest (~> 3)
      redic (~> 1.5.0)
      stal
    onnxruntime (0.10.0-aarch64-linux)
      ffi
    onnxruntime (0.10.0-arm64-darwin)
      ffi
    onnxruntime (0.10.0-x86_64-darwin)
      ffi
    onnxruntime (0.10.0-x86_64-linux)
      ffi
    optparse (0.6.0)
    ostruct (0.6.3)
    parallel (1.27.0)
    parser (3.3.9.0)
      ast (~> 2.4.1)
      racc
    pastel (0.8.0)
      tty-color (~> 0.5)
    pg (1.6.0-aarch64-linux)
    pg (1.6.0-arm64-darwin)
    pg (1.6.0-x86_64-darwin)
    pg (1.6.0-x86_64-linux)
    pgvector (0.3.2)
    prism (1.4.0)
    process_executer (1.3.0)
    progressbar (1.13.0)
    pry (0.14.2)
      coderay (~> 1.1)
      method_source (~> 1.0)
    pry-doc (1.6.0)
      pry (~> 0.11)
      yard (~> 0.9.11)
    psych (5.2.6)
      date
      stringio
    public_suffix (6.0.2)
    pycall (1.5.2)
    racc (1.8.1)
    rack (3.2.0)
    rack-test (2.2.0)
      rack (>= 1.3)
    rainbow (3.1.1)
    rake (13.3.0)
    rb-fsevent (0.11.2)
    rb-inotify (0.11.1)
      ffi (~> 1.0)
    rbs (3.6.1)
      logger
    rchardet (1.9.0)
    rdoc (6.14.2)
      erb
      psych (>= 4.0.0)
    redic (1.5.3)
      hiredis
    refinements (12.11.0)
    regexp_parser (2.10.0)
    reverse_markdown (3.0.0)
      nokogiri
    rexml (3.4.1)
    rouge (4.6.0)
    rspec (3.13.1)
      rspec-core (~> 3.13.0)
      rspec-expectations (~> 3.13.0)
      rspec-mocks (~> 3.13.0)
    rspec-core (3.13.5)
      rspec-support (~> 3.13.0)
    rspec-expectations (3.13.5)
      diff-lcs (>= 1.2.0, < 2.0)
      rspec-support (~> 3.13.0)
    rspec-mocks (3.13.5)
      diff-lcs (>= 1.2.0, < 2.0)
      rspec-support (~> 3.13.0)
    rspec-support (3.13.4)
    rubocop (1.79.1)
      json (~> 2.3)
      language_server-protocol (~> 3.17.0.2)
      lint_roller (~> 1.1.0)
      parallel (~> 1.10)
      parser (>= 3.3.0.2)
      rainbow (>= 2.2.2, < 4.0)
      regexp_parser (>= 2.9.3, < 3.0)
      rubocop-ast (>= 1.46.0, < 2.0)
      ruby-progressbar (~> 1.7)
      unicode-display_width (>= 2.4.0, < 4.0)
    rubocop-ast (1.46.0)
      parser (>= 3.3.7.2)
      prism (~> 1.4)
    rubocop-capybara (2.22.1)
      lint_roller (~> 1.1)
      rubocop (~> 1.72, >= 1.72.1)
    rubocop-disable_syntax (0.2.0)
      lint_roller
      rubocop (>= 1.72.0)
    rubocop-factory_bot (2.27.1)
      lint_roller (~> 1.1)
      rubocop (~> 1.72, >= 1.72.1)
    rubocop-minitest (0.38.1)
      lint_roller (~> 1.1)
      rubocop (>= 1.75.0, < 2.0)
      rubocop-ast (>= 1.38.0, < 2.0)
    rubocop-packaging (0.6.0)
      lint_roller (~> 1.1.0)
      rubocop (>= 1.72.1, < 2.0)
    rubocop-performance (1.25.0)
      lint_roller (~> 1.1)
      rubocop (>= 1.75.0, < 2.0)
      rubocop-ast (>= 1.38.0, < 2.0)
    rubocop-rake (0.7.1)
      lint_roller (~> 1.1)
      rubocop (>= 1.72.1)
    rubocop-rspec (3.6.0)
      lint_roller (~> 1.1)
      rubocop (~> 1.72, >= 1.72.1)
    rubocop-sequel (0.4.1)
      lint_roller (~> 1.1)
      rubocop (>= 1.72.1, < 2)
    rubocop-shopify (2.17.1)
      rubocop (~> 1.62)
    rubocop-thread_safety (0.7.3)
      lint_roller (~> 1.1)
      rubocop (~> 1.72, >= 1.72.1)
      rubocop-ast (>= 1.44.0, < 2.0)
    ruby-lsp (0.26.1)
      language_server-protocol (~> 3.17.0)
      prism (>= 1.2, < 2.0)
      rbs (>= 3, < 5)
    ruby-openai (8.1.0)
      event_stream_parser (>= 0.3.0, < 2.0.0)
      faraday (>= 1)
      faraday-multipart (>= 1)
    ruby-progressbar (1.13.0)
    ruby-spacy (0.2.3)
      numpy (~> 0.4.0)
      pycall (~> 1.5.1)
      ruby-openai
      terminal-table (~> 3.0.1)
    ruby_llm (1.5.1)
      base64
      event_stream_parser (~> 1)
      faraday (>= 1.10.0)
      faraday-multipart (>= 1)
      faraday-net_http (>= 1)
      faraday-retry (>= 1)
      marcel (~> 1.0)
      zeitwerk (~> 2)
    rubyzip (0.9.9)
    runcom (11.10.0)
      refinements (~> 12.10)
      xdg (~> 8.10)
      zeitwerk (~> 2.7)
    rwordnet (0.1.3)
    schiphol (1.0.2)
      progressbar (>= 0.10.0)
      rubyzip (~> 0.9.9)
    securerandom (0.4.1)
    sequel (5.95.0)
      bigdecimal
    sod (0.20.0)
      cogger (~> 0.31)
      containable (~> 0.2)
      infusible (~> 3.12)
      optparse (~> 0.6)
      refinements (~> 12.10)
      tone (~> 1.10)
      zeitwerk (~> 2.7)
    solargraph (0.56.2)
      backport (~> 1.2)
      benchmark (~> 0.4)
      bundler (~> 2.0)
      diff-lcs (~> 1.4)
      jaro_winkler (~> 1.6, >= 1.6.1)
      kramdown (~> 2.3)
      kramdown-parser-gfm (~> 1.1)
      logger (~> 1.6)
      observer (~> 0.1)
      ostruct (~> 0.6)
      parser (~> 3.0)
      prism (~> 1.4)
      rbs (~> 3.6.1)
      reverse_markdown (~> 3.0)
      rubocop (~> 1.38)
      thor (~> 1.0)
      tilt (~> 2.0)
      yard (~> 0.9, >= 0.9.24)
      yard-solargraph (~> 0.1)
    spek (3.10.0)
      dry-monads (~> 1.6)
      refinements (~> 12.10)
      versionaire (~> 13.10)
      zeitwerk (~> 2.7)
    stal (0.3.0)
      redic (~> 1.5)
    stringio (3.1.7)
    strings (0.2.1)
      strings-ansi (~> 0.2)
      unicode-display_width (>= 1.5, < 3.0)
      unicode_utils (~> 1.4)
    strings-ansi (0.2.0)
    sublayer (0.2.9)
      activesupport
      httparty
      listen
      ostruct
      ruby-openai
      thor
      zeitwerk
    terminal-table (3.0.2)
      unicode-display_width (>= 1.1.1, < 3)
    terrapin (1.1.1)
      climate_control
    thor (1.4.0)
    tilt (2.6.1)
    tokenizers (0.5.5-aarch64-linux)
    tokenizers (0.5.5-aarch64-linux-musl)
    tokenizers (0.5.5-arm64-darwin)
    tokenizers (0.5.5-x86_64-darwin)
    tokenizers (0.5.5-x86_64-linux)
    tokenizers (0.5.5-x86_64-linux-musl)
    tone (1.10.0)
      refinements (~> 12.10)
      zeitwerk (~> 2.7)
    treat (2.1.0)
      birch
      schiphol
      yomu
    tty-box (0.7.0)
      pastel (~> 0.8)
      strings (~> 0.2.0)
      tty-cursor (~> 0.7)
    tty-color (0.6.0)
    tty-command (0.10.1)
      pastel (~> 0.8)
    tty-config (0.6.0)
    tty-cursor (0.7.1)
    tty-editor (0.7.0)
      tty-prompt (~> 0.22)
    tty-file (0.10.0)
      diff-lcs (~> 1.3)
      pastel (~> 0.8)
      tty-prompt (~> 0.22)
    tty-link (0.2.0)
    tty-logger (0.6.0)
      pastel (~> 0.8)
    tty-markdown (0.7.2)
      kramdown (>= 1.16.2, < 3.0)
      pastel (~> 0.8)
      rouge (>= 3.14, < 5.0)
      strings (~> 0.2.0)
      tty-color (~> 0.5)
      tty-screen (~> 0.8)
    tty-pager (0.14.0)
      strings (~> 0.2.0)
      tty-screen (~> 0.8)
    tty-progressbar (0.18.3)
      strings-ansi (~> 0.2)
      tty-cursor (~> 0.7)
      tty-screen (~> 0.8)
      unicode-display_width (>= 1.6, < 3.0)
    tty-prompt (0.23.1)
      pastel (~> 0.8)
      tty-reader (~> 0.8)
    tty-reader (0.9.0)
      tty-cursor (~> 0.7)
      tty-screen (~> 0.8)
      wisper (~> 2.0)
    tty-screen (0.8.2)
    tty-spinner (0.9.3)
      tty-cursor (~> 0.7)
    tty-table (0.12.0)
      pastel (~> 0.8)
      strings (~> 0.2.0)
      tty-screen (~> 0.8)
    tty-tree (0.4.0)
    tty-which (0.5.0)
    tzinfo (2.0.6)
      concurrent-ruby (~> 1.0)
    unicode-display_width (2.6.0)
    unicode_utils (1.4.0)
    uri (1.0.3)
    versionaire (13.10.0)
      refinements (~> 12.10)
    wisper (2.0.1)
    xdg (8.10.0)
    yard (0.9.37)
    yard-solargraph (0.1.0)
      yard (~> 0.9)
    yomu (0.1.10)
      mime-types (~> 1.23)
    zeitwerk (2.7.3)

PLATFORMS
  aarch64-linux
  aarch64-linux-gnu
  aarch64-linux-musl
  arm64-darwin
  x86_64-darwin
  x86_64-linux-gnu
  x86_64-linux-musl

DEPENDENCIES
  algorithms (~> 1.0)
  blueprintsCLI!
  bm25f (~> 0.1.0)
  caliber (~> 0.67.0)
  circuit_breaker (~> 1.1)
  clipboard (~> 2.0)
  colorize (~> 1.1)
  dotenv (~> 3.1)
  dry-configurable (~> 1.0)
  dry-container (~> 0.11.0)
  factory_bot (~> 6.5)
  front_matter_parser (~> 1.0)
  git (~> 3.1)
  git-lint (~> 8.8)
  informers (~> 1.2)
  json
  linguistics (~> 2.1)
  numpy (~> 0.4.0)
  ohm (~> 3.1)
  pg (~> 1.5)
  pgvector (~> 0.2)
  pry (~> 0.14.2)
  pry-doc (~> 1.6)
  rack (~> 3.1)
  rack-test (~> 2.2)
  rake (~> 13.3)
  rbs
  rdoc
  rspec (~> 3.10)
  rubocop
  rubocop-factory_bot
  rubocop-minitest
  rubocop-packaging
  rubocop-performance
  rubocop-rake
  rubocop-rspec
  rubocop-sequel
  rubocop-shopify
  rubocop-thread_safety
  ruby-lsp
  ruby-spacy (~> 0.2.0)
  ruby_llm (~> 1.3)
  rwordnet (~> 0.1.0)
  sequel (~> 5.94)
  solargraph (~> 0.56.1)
  terrapin (~> 1.1)
  tty-box (~> 0.7)
  tty-command (~> 0.10.1)
  tty-config (~> 0.5)
  tty-cursor (~> 0.7.1)
  tty-editor (~> 0.7)
  tty-file (~> 0.10.0)
  tty-link (~> 0.2.0)
  tty-logger (~> 0.6.0)
  tty-markdown (~> 0.7)
  tty-pager (~> 0.14.0)
  tty-progressbar (~> 0.18.3)
  tty-prompt (~> 0.23)
  tty-reader (~> 0.9.0)
  tty-screen (~> 0.8.2)
  tty-spinner (~> 0.9.3)
  tty-table (~> 0.12)
  tty-tree (~> 0.4.0)
  tty-which (~> 0.5.0)
  yard

BUNDLED WITH
   2.5.22
